GEM
  remote: http://rubygems.org/
  specs:
    addressable (2.2.6)
    haml (3.1.6)
    kramdown (0.13.3)
    mini_portile2 (2.4.0)
    nokogiri (1.10.4)
      mini_portile2 (~> 2.4.0)
    rack (1.6.11)
    rack-protection (1.5.5)
      rack
    rake (10.3.2)
    sass (3.1.18)
    sinatra (1.4.8)
      rack (~> 1.5)
      rack-protection (~> 1.4)
      tilt (>= 1.3, < 3)
    tilt (2.0.9)

PLATFORMS
  ruby

DEPENDENCIES
  addressable
  haml
  kramdown
  nokogiri
  rack
  rake
  sass
  sinatra (~> 1.4)

BUNDLED WITH
   1.17.2
