GEM
  remote: http://rubygems.org/
  specs:
    addressable (2.2.6)
    haml (3.1.6)
    kramdown (0.13.3)
    nokogiri (1.5.0)
    rack (1.2.1)
    rake (10.3.2)
    sass (3.1.18)
    sinatra (1.2.7)
      rack (~> 1.1)
      tilt (>= 1.2.2, < 2.0)
    tilt (1.3.3)

PLATFORMS
  ruby

DEPENDENCIES
  addressable
  haml
  kramdown
  nokogiri
  rack
  rake
  sass
  sinatra
