GIT
  remote: git://github.com/nex3/haml.git
  revision: 9ab32854305cf94047174afb696ebe36dad7a698
  specs:
    haml (3.2.0.alpha.0)

GEM
  remote: http://rubygems.org/
  specs:
    addressable (2.2.6)
    json (1.6.1)
    kramdown (0.13.3)
    nokogiri (1.5.0)
    rack (1.2.1)
    sass (3.1.10)
    sinatra (1.2.7)
      rack (~> 1.1)
      tilt (>= 1.2.2, < 2.0)
    tilt (1.3.3)

PLATFORMS
  ruby

DEPENDENCIES
  addressable
  haml!
  json
  kramdown
  nokogiri
  rack (= 1.2.1)
  sass
  sinatra
